GEM
  remote: https://rubygems.org/
  specs:
    coderay (1.1.3)
    faraday (1.0.1)
      multipart-post (>= 1.2, < 3)
    idobata (0.0.9)
      faraday (>= 0.8.8)
    method_source (1.0.0)
    multipart-post (2.1.1)
    pry (0.13.1)
      coderay (~> 1.1)
      method_source (~> 1.0)
    simple-rss (1.3.3)

PLATFORMS
  ruby

DEPENDENCIES
  idobata
  pry
  simple-rss

RUBY VERSION
   ruby 2.7.1p83

BUNDLED WITH
   2.1.4
