GEM
  remote: https://rubygems.org/
  specs:
    faraday (0.9.2)
      multipart-post (>= 1.2, < 3)
    idobata (0.0.9)
      faraday (>= 0.8.8)
    multipart-post (2.0.0)
    simple-rss (1.3.1)

PLATFORMS
  ruby

DEPENDENCIES
  feedjira
  idobata
  simple-rss

RUBY VERSION
   ruby 2.4.2p198

BUNDLED WITH
   1.10.6
